GEM
  remote: https://rubygems.org/
  specs:
    anemone (0.7.2)
      nokogiri (>= 1.3.0)
      robotex (>= 1.0.0)
    image_size (1.3.1)
    log4r (1.1.10)
    mini_portile (0.6.0)
    nokogiri (1.6.3.1)
      mini_portile (= 0.6.0)
    parallel (1.2.4)
    rake (10.3.2)
    robotex (1.0.0)
    thor (0.19.1)
    wraith (1.3.5)
      anemone
      image_size
      log4r
      nokogiri
      parallel
      rake
      robotex
      thor

PLATFORMS
  ruby

DEPENDENCIES
  wraith (~> 1.3.5)
